{
  "AcquisitionMatrixPE": 320,
  "AcquisitionNumber": 1,
  "AcquisitionTime": "14:50:34.090000",
  "BaseResolution": 320,
  "CoilCombinationMethod": "Adaptive Combine",
  "CoilString": "C:A32",
  "ConversionSoftware": "dcm2niix",
  "ConversionSoftwareVersion": "v1.0.20220720",
  "DeviceSerialNumber": "18930",
  "DwellTime": 1.12e-05,
  "EchoTime": 0.00402,
  "FlipAngle": 6,
  "HeudiconvVersion": "0.13.1",
  "ImageOrientationPatientDICOM": [0.820261, -0.0180838, 0.571704, 2.46539e-08, 0.9995, 0.0316155],
  "ImageOrientationText": "Tra>Sag(34.9)>Cor(1.5)",
  "ImageType": [
    "ORIGINAL",
    "PRIMARY",
    "M",
    "ND"
],
  "ImagingFrequency": 297.205,
  "InPlanePhaseEncodingDirectionDICOM": "COL",
  "InstitutionAddress": "Oxfordlaan 55,Maastricht,Limburg,NL,6229 EV",
  "InstitutionName": "Scannexus",
  "InstitutionalDepartmentName": "MRI 7T",
  "InversionTime": 0.9,
  "MRAcquisitionType": "3D",
  "MagneticFieldStrength": 6.98,
  "Manufacturer": "Siemens",
  "ManufacturersModelName": "Investigational_Device_7T",
  "MatrixCoilMode": "GRAPPA",
  "Modality": "MR",
  "NonlinearGradientCorrection": false,
  "ParallelReductionFactorInPlane": 2,
  "PartialFourier": 1,
  "PatientPosition": "HFS",
  "PercentPhaseFOV": 100,
  "PercentSampling": 100,
  "PhaseEncodingSteps": 319,
  "PhaseResolution": 1,
  "PixelBandwidth": 140,
  "ProcedureStepDescription": "Amanda Kaas^Studies",
  "ProtocolName": "High_Res_Slab_Anat",
  "PulseSequenceDetails": "%CustomerSeq%\\RENZO4",
  "ReceiveCoilName": "32Ch_Head_7T",
  "ReconMatrixPE": 320,
  "RefLinesPE": 32,
  "RepetitionTime": 6,
  "SAR": 0.111095,
  "ScanOptions": "IR",
  "ScanningSequence": "GR\\IR",
  "SequenceName": "RENZO343d1",
  "SequenceVariant": "SP\\MP",
  "SeriesDescription": "High_Res_Slab_Anat_INV1",
  "SeriesNumber": 12,
  "ShimSetting": [129, -258, 206, 390, 156, 86, 1259, 102],
  "SliceThickness": 0.5,
  "SoftwareVersions": "syngo MR B17",
  "StationName": "MRC18930",
  "TxRefAmp": 250,
  "dcmmeta_affine": [
    [0.4101303815841675, 1.23269634499934e-08, 0.28599488735198975, -39.957550048828125],
    [-0.009041889570653439, 0.4997500479221344, 0.01296648196876049, -49.38782501220703],
    [-0.28585192561149597, -0.01580776460468769, 0.40992534160614014, 92.7055892944336],
    [0.0, 0.0, 0.0, 1.0]
],
  "dcmmeta_reorient_transform": [
    [0.0, -1.0, 0.0, 319.0],
    [-1.0, 0.0, 0.0, 319.0],
    [0.0, 0.0, -1.0, 59.0],
    [0.0, 0.0, 0.0, 1.0]
],
  "dcmmeta_shape": [320, 320, 60],
  "dcmmeta_slice_dim": 2,
  "dcmmeta_version": 0.6,
  "global": {
    "const": {
      "AcquisitionMatrix": [320, 0, 0, 320],
      "AcquisitionNumber": 1,
      "AcquisitionTime": "145034.090000",
      "AngioFlag": "N",
      "BitsAllocated": 16,
      "BitsStored": 12,
      "Columns": 320,
      "EchoNumbers": 1,
      "EchoTime": 4.02,
      "EchoTrainLength": 1,
      "FlipAngle": 6.0,
      "HighBit": 11,
      "ImageOrientationPatient": [0.82026074808233, -0.0180837799274, 0.5717038412141, 2.46539263e-08, 0.99950010419699, 0.0316155295733],
      "ImageType": [
        "ORIGINAL",
        "PRIMARY",
        "M",
        "ND"
],
      "ImagedNucleus": "1H",
      "ImagingFrequency": 297.20513,
      "InPlanePhaseEncodingDirection": "COL",
      "InversionTime": 900.0,
      "MRAcquisitionType": "3D",
      "MagneticFieldStrength": 6.98,
      "Manufacturer": "SIEMENS",
      "ManufacturerModelName": "Investigational_Device_7T",
      "Modality": "MR",
      "NumberOfAverages": 1.0,
      "NumberOfPhaseEncodingSteps": 319,
      "PercentPhaseFieldOfView": 100.0,
      "PercentSampling": 100.0,
      "PerformedProcedureStepStartTime": "132852.812000",
      "PhotometricInterpretation": "MONOCHROME2",
      "PixelBandwidth": 140.0,
      "PixelRepresentation": 0,
      "PixelSpacing": [0.5, 0.5],
      "ProtocolName": "High_Res_Slab_Anat",
      "RepetitionTime": 6000.0,
      "Rows": 320,
      "SAR": 0.11109464515194,
      "SamplesPerPixel": 1,
      "ScanOptions": "IR",
      "ScanningSequence": [
        "GR",
        "IR"
],
      "SequenceName": "RENZO343d1",
      "SequenceVariant": [
        "SP",
        "MP"
],
      "SeriesDescription": "High_Res_Slab_Anat_INV1",
      "SeriesNumber": 12,
      "SeriesTime": "145505.109000",
      "SliceThickness": 0.5,
      "SmallestImagePixelValue": 0,
      "SoftwareVersions": "syngo MR B17",
      "SpecificCharacterSet": "ISO_IR 100",
      "StudyID": "1",
      "StudyTime": "132852.765000",
      "TransmitCoilName": "32Ch_Head_7T",
      "VariableFlipAngleFlag": "N",
      "WindowCenterWidthExplanation": "Algo1",
      "dBdt": 0.0},
