{
  "AcquisitionMatrixPE": 216,
  "AcquisitionNumber": 1,
  "AcquisitionTime": "12:56:47.175000",
  "BandwidthPerPixelPhaseEncode": 13.355,
  "BaseResolution": 162,
  "CoilCombinationMethod": "Sum of Squares",
  "CoilString": "C:A32",
  "ConversionSoftware": "dcm2niix",
  "ConversionSoftwareVersion": "v1.0.20220720",
  "DerivedVendorReportedEchoSpacing": 0.00103998,
  "DeviceSerialNumber": "18930",
  "DwellTime": 2.9e-06,
  "EchoTime": 0.025,
  "EffectiveEchoSpacing": 0.000346659,
  "FlipAngle": 4,
  "HeudiconvVersion": "0.13.1",
  "ImageComments": "E00_Com",
  "ImageOrientationPatientDICOM": [0.78204, 0.0639127, 0.619943, 2.58175e-08, 0.994728, -0.102551],
  "ImageOrientationText": "Tra>Sag(38.7)>Cor(-4.6)",
  "ImageType": [
    "ORIGINAL",
    "PRIMARY",
    "M",
    "ND",
    "ECHO",
 "00",
    "COMBINED",
    "MOSAIC"
],
  "ImagingFrequency": 297.205,
  "InPlanePhaseEncodingDirectionDICOM": "COL",
  "InstitutionAddress": "Oxfordlaan 55,Maastricht,Limburg,NL,6229 EV",
  "InstitutionName": "Scannexus",
  "InstitutionalDepartmentName": "MRI 7T",
  "MRAcquisitionType": "3D",
  "MagneticFieldStrength": 6.98,
  "Manufacturer": "Siemens",
  "ManufacturersModelName": "Investigational_Device_7T",
  "MatrixCoilMode": "GRAPPA",
  "Modality": "MR",
  "NonlinearGradientCorrection": false,
  "ParallelReductionFactorInPlane": 3,
  "PartialFourier": 0.75,
  "PatientPosition": "HFS",
  "PercentPhaseFOV": 133.333,
  "PercentSampling": 100,
  "PhaseEncodingSteps": 163,
  "PhaseResolution": 1,
  "PixelBandwidth": 1064,
  "ProcedureStepDescription": "Amanda Kaas^Studies",
  "ProtocolName": "VASO_thick_slices_BA3b_task",
  "PulseSequenceDetails": "%CustomerSeq%/renzo\\VASO_132",
  "ReceiveCoilName": "32Ch_Head_7T",
  "ReconMatrixPE": 216,
  "RefLinesPE": 45,
  "RepetitionTime": 2.2697,
  "SAR": 0.0996723,
  "ScanOptions": "PFP\\SAT1\\FS",
  "ScanningSequence": "EP",
  "SequenceName": "BPs 3D-EPI with",
  "SequenceVariant": "SK\\SP",
  "SeriesDescription": "VASO_thick_slices_BA3b_task_E00_M",
  "SeriesNumber": 32,
  "ShimSetting": [104, -191, 231, 501, -297, -586, 39, 59],
  "SliceThickness": 1.29,
  "SoftwareVersions": "syngo MR B17",
  "SpacingBetweenSlices": 1.29,
  "SpoilingState": true,
  "StationName": "MRC18930",
  "TaskName": "stim",
  "TotalReadoutTime": 0.0745317,
  "TxRefAmp": 250,
  "dcmmeta_affine": [
    [-0.5889434814453125, 1.944282246313378e-08, 0.8039649724960327, 68.13540649414062],
    [-0.048131778836250305, 0.7491160035133362, -0.10345663130283356, -49.14634704589844],
    [0.46687057614326477, 0.07722974568605423, 1.0035122632980347, -19.54130744934082],
    [0.0, 0.0, 0.0, 1.0]
],
  "dcmmeta_reorient_transform": [
    [0.0, -1.0, 0.0, 215.0],
    [1.0, 0.0, 0.0, 0.0],
    [0.0, 0.0, 1.0, 0.0],
    [0.0, 0.0, 0.0, 1.0]
],
  "dcmmeta_shape": [162, 216, 22, 401],
  "dcmmeta_slice_dim": 2,
  "dcmmeta_version": 0.6,
  "global": {
    "const": {
      "AcquisitionMatrix": [162, 0, 0, 216],
      "AngioFlag": "N",
      "BitsAllocated": 16,
      "BitsStored": 12,
      "Columns": 810,
      "EchoNumbers": 1,
      "EchoTime": 25.0,
      "EchoTrainLength": 1,
      "FlipAngle": 4.0,
      "HighBit": 11,
      "ImageOrientationPatient": [0.7820396400338, 0.06391268895131, 0.61994287608361, 2.58175176e-08, 0.99472775060213, -0.1025509735791],
      "ImagePositionPatient": [-258.95309682347, -451.12639463127, -120.83972703146],
      "ImageType": [
        "ORIGINAL",
        "PRIMARY",
        "M",
        "ND",
        "ECHO_00",
        "COMBINED",
        "MOSAIC"
],
      "ImagedNucleus": "1H",
      "ImagingFrequency": 297.20543,
      "InPlanePhaseEncodingDirection": "COL",
      "MRAcquisitionType": "3D",
      "MagneticFieldStrength": 6.98,
      "Manufacturer": "SIEMENS",
      "ManufacturerModelName": "Investigational_Device_7T",
      "Modality": "MR",
      "NumberOfAverages": 1.0,
      "NumberOfPhaseEncodingSteps": 163,
      "PercentPhaseFieldOfView": 133.33333360656,
      "PercentSampling": 100.0,
      "PerformedProcedureStepStartTime": "114049.796000",
      "PhotometricInterpretation": "MONOCHROME2",
      "PixelBandwidth": 1064.0,
      "PixelRepresentation": 0,
      "PixelSpacing": [0.75308644771576, 0.75308644771576],
      "ProtocolName": "VASO_thick_slices_BA3b_task",
      "RepetitionTime": 2269.7,
      "Rows": 1080,
      "SAR": 0.09967229308016,
      "SamplesPerPixel": 1,
      "ScanOptions": [
        "PFP",
        "SAT1",
        "FS"
],
      "ScanningSequence": "EP",
      "SequenceName": "BPs 3D-EPI with",
      "SequenceVariant": [
        "SK",
        "SP"
],
      "SeriesDescription": "VASO_thick_slices_BA3b_task_E00_M",
      "SeriesNumber": 32,
      "SeriesTime": "125651.078000",
      "SliceLocation": 31.203918639519,
      "SliceThickness": 1.289999961853,
      "SmallestImagePixelValue": 0,
      "SoftwareVersions": "syngo MR B17",
      "SpacingBetweenSlices": 1.289999961853,
      "SpecificCharacterSet": "ISO_IR 100",
      "StudyID": "1",
      "StudyTime": "114049.703000",
      "TransmitCoilName": "32Ch_Head_7T",
      "VariableFlipAngleFlag": "N",
      "WindowCenterWidthExplanation": "Algo1",
      "dBdt": 0.0},
