{
  "AcquisitionMatrixPE": 216,
  "AcquisitionNumber": 1,
  "AcquisitionTime": "11:54:47.637500",
  "BandwidthPerPixelPhaseEncode": 13.355,
  "BaseResolution": 162,
  "CoilCombinationMethod": "Sum of Squares",
  "CoilString": "C:A32",
  "ConversionSoftware": "dcm2niix",
  "ConversionSoftwareVersion": "v1.0.20220720",
  "DerivedVendorReportedEchoSpacing": 0.00103998,
  "DeviceSerialNumber": "18930",
  "DwellTime": 2.9e-06,
  "EchoTime": 0.025,
  "EffectiveEchoSpacing": 0.000346659,
  "FlipAngle": 4,
  "HeudiconvVersion": "0.13.1",
  "ImageComments": "E00_Com",
  "ImageOrientationPatientDICOM": [0.723862, 0.00765883, 0.689902, -4.95584e-08, 0.999938, -0.0111006],
  "ImageOrientationText": "Tra>Sag(43.6)>Cor(-0.5)",
  "ImageType": [
    "ORIGINAL",
    "PRIMARY",
    "M",
    "ND",
    "ECHO",
 "00",
    "COMBINED",
    "MOSAIC"
],
  "ImagingFrequency": 297.205,
  "InPlanePhaseEncodingDirectionDICOM": "COL",
  "InstitutionAddress": "Oxfordlaan 55,Maastricht,Limburg,NL,6229 EV",
  "InstitutionName": "Scannexus",
  "InstitutionalDepartmentName": "MRI 7T",
  "MRAcquisitionType": "3D",
  "MagneticFieldStrength": 6.98,
  "Manufacturer": "Siemens",
  "ManufacturersModelName": "Investigational_Device_7T",
  "MatrixCoilMode": "GRAPPA",
  "Modality": "MR",
  "NonlinearGradientCorrection": false,
  "ParallelReductionFactorInPlane": 3,
  "PartialFourier": 0.75,
  "PatientPosition": "HFS",
  "PercentPhaseFOV": 133.333,
  "PercentSampling": 100,
  "PhaseEncodingSteps": 163,
  "PhaseResolution": 1,
  "PixelBandwidth": 1064,
  "ProcedureStepDescription": "Amanda Kaas^Studies",
  "ProtocolName": "VASO_thick_slices_BA3b_task",
  "PulseSequenceDetails": "%CustomerSeq%/renzo\\VASO_132",
  "ReceiveCoilName": "32Ch_Head_7T",
  "ReconMatrixPE": 216,
  "RefLinesPE": 45,
  "RepetitionTime": 2.2697,
  "SAR": 0.105579,
  "ScanOptions": "PFP\\SAT1\\FS",
  "ScanningSequence": "EP",
  "SequenceName": "BPs 3D-EPI with",
  "SequenceVariant": "SK\\SP",
  "SeriesDescription": "VASO_thick_slices_BA3b_task_E00_M",
  "SeriesNumber": 3,
  "ShimSetting": [162, -144, 271, 303, 97, -96, 572, 120],
  "SliceThickness": 1.29,
  "SoftwareVersions": "syngo MR B17",
  "SpacingBetweenSlices": 1.29,
  "SpoilingState": true,
  "StationName": "MRC18930",
  "TaskName": "stim",
  "TotalReadoutTime": 0.0745317,
  "TxRefAmp": 250,
  "dcmmeta_affine": [
    [-0.5451306700706482, -3.732172970671854e-08, 0.890028715133667, 70.85487365722656],
    [-0.005767762660980225, 0.753040075302124, -0.01036548987030983, -56.53688049316406],
    [0.5195560455322266, 0.008359706960618496, 0.9337244629859924, -9.441459655761719],
    [0.0, 0.0, 0.0, 1.0]
],
  "dcmmeta_reorient_transform": [
    [0.0, -1.0, 0.0, 215.0],
    [1.0, 0.0, 0.0, 0.0],
    [0.0, 0.0, 1.0, 0.0],
    [0.0, 0.0, 0.0, 1.0]
],
  "dcmmeta_shape": [162, 216, 22, 401],
  "dcmmeta_slice_dim": 2,
  "dcmmeta_version": 0.6,
  "global": {
    "const": {
      "AcquisitionMatrix": [162, 0, 0, 216],
      "AngioFlag": "N",
      "BitsAllocated": 16,
      "BitsStored": 12,
      "Columns": 810,
      "EchoNumbers": 1,
      "EchoTime": 25.0,
      "EchoTrainLength": 1,
      "FlipAngle": 4.0,
      "HighBit": 11,
      "ImageOrientationPatient": [0.72386201517783, 0.00765883235394, 0.68990225776531, -4.95583625e-08, 0.99993838651266, -0.0111005936087],
      "ImagePositionPatient": [-247.47719106238, -432.54878476285, -172.36888639203],
      "ImageType": [
        "ORIGINAL",
        "PRIMARY",
        "M",
        "ND",
        "ECHO_00",
        "COMBINED",
        "MOSAIC"
],
      "ImagedNucleus": "1H",
      "ImagingFrequency": 297.205188,
      "InPlanePhaseEncodingDirection": "COL",
      "MRAcquisitionType": "3D",
      "MagneticFieldStrength": 6.98,
      "Manufacturer": "SIEMENS",
      "ManufacturerModelName": "Investigational_Device_7T",
      "Modality": "MR",
      "NumberOfAverages": 1.0,
      "NumberOfPhaseEncodingSteps": 163,
      "PercentPhaseFieldOfView": 133.33333360656,
      "PercentSampling": 100.0,
      "PerformedProcedureStepStartTime": "111103.609000",
      "PhotometricInterpretation": "MONOCHROME2",
      "PixelBandwidth": 1064.0,
      "PixelRepresentation": 0,
      "PixelSpacing": [0.75308644771576, 0.75308644771576],
      "ProtocolName": "VASO_thick_slices_BA3b_task",
      "RepetitionTime": 2269.7,
      "Rows": 1080,
      "SAR": 0.10557864947584,
      "SamplesPerPixel": 1,
      "ScanOptions": [
        "PFP",
        "SAT1",
        "FS"
],
      "ScanningSequence": "EP",
      "SequenceName": "BPs 3D-EPI with",
      "SequenceVariant": [
        "SK",
        "SP"
],
      "SeriesDescription": "VASO_thick_slices_BA3b_task_E00_M",
      "SeriesNumber": 3,
      "SeriesTime": "115450.937000",
      "SliceLocation": 42.506347638792,
      "SliceThickness": 1.289999961853,
      "SmallestImagePixelValue": 0,
      "SoftwareVersions": "syngo MR B17",
      "SpacingBetweenSlices": 1.289999961853,
      "SpecificCharacterSet": "ISO_IR 100",
      "StudyID": "1",
      "StudyTime": "111103.250000",
      "TransmitCoilName": "32Ch_Head_7T",
      "VariableFlipAngleFlag": "N",
      "WindowCenterWidthExplanation": "Algo1",
      "dBdt": 0.0},
