{
  "AcquisitionMatrixPE": 320,
  "AcquisitionNumber": 1,
  "AcquisitionTime": "11:45:11.077500",
  "BaseResolution": 320,
  "CoilCombinationMethod": "Adaptive Combine",
  "CoilString": "C:A32",
  "ConversionSoftware": "dcm2niix",
  "ConversionSoftwareVersion": "v1.0.20220720",
  "DeviceSerialNumber": "18930",
  "DwellTime": 1.12e-05,
  "EchoTime": 0.00402,
  "FlipAngle": 6,
  "HeudiconvVersion": "0.13.1",
  "ImageOrientationPatientDICOM": [0.777886, 0.00277846, 0.628399, 1.38312e-08, 0.99999, -0.00442147],
  "ImageOrientationText": "Tra>Sag(38.9)>Cor(-0.2)",
  "ImageType": [
    "ORIGINAL",
    "PRIMARY",
    "M",
    "ND"
],
  "ImagingFrequency": 297.205,
  "InPlanePhaseEncodingDirectionDICOM": "COL",
  "InstitutionAddress": "Oxfordlaan 55,Maastricht,Limburg,NL,6229 EV",
  "InstitutionName": "Scannexus",
  "InstitutionalDepartmentName": "MRI 7T",
  "InversionTime": 0.9,
  "MRAcquisitionType": "3D",
  "MagneticFieldStrength": 6.98,
  "Manufacturer": "Siemens",
  "ManufacturersModelName": "Investigational_Device_7T",
  "MatrixCoilMode": "GRAPPA",
  "Modality": "MR",
  "NonlinearGradientCorrection": false,
  "ParallelReductionFactorInPlane": 2,
  "PartialFourier": 1,
  "PatientPosition": "HFS",
  "PercentPhaseFOV": 100,
  "PercentSampling": 100,
  "PhaseEncodingSteps": 319,
  "PhaseResolution": 1,
  "PixelBandwidth": 140,
  "ProcedureStepDescription": "Amanda Kaas^Studies",
  "ProtocolName": "High_Res_Slab_Anat",
  "PulseSequenceDetails": "%CustomerSeq%\\RENZO4",
  "ReceiveCoilName": "32Ch_Head_7T",
  "ReconMatrixPE": 320,
  "RefLinesPE": 32,
  "RepetitionTime": 6,
  "SAR": 0.168264,
  "ScanOptions": "IR",
  "ScanningSequence": "GR\\IR",
  "SequenceName": "RENZO343d1",
  "SequenceVariant": "SP\\MP",
  "SeriesDescription": "High_Res_Slab_Anat_INV1",
  "SeriesNumber": 13,
  "ShimSetting": [163, -177, -1, 572, 151, 345, 185, -217],
  "SliceThickness": 0.5,
  "SoftwareVersions": "syngo MR B17",
  "StationName": "MRC18930",
  "TxRefAmp": 250,
  "dcmmeta_affine": [
    [0.38894322514533997, 6.915601424850593e-09, 0.3142024576663971, -37.459346771240234],
    [0.0013892315328121185, 0.4999951124191284, -0.001719705411233008, -57.969940185546875],
    [-0.31419938802719116, 0.0022107353433966637, 0.38893941044807434, 68.94346618652344],
    [0.0, 0.0, 0.0, 1.0]
],
  "dcmmeta_reorient_transform": [
    [0.0, -1.0, 0.0, 319.0],
    [-1.0, 0.0, 0.0, 319.0],
    [0.0, 0.0, -1.0, 59.0],
    [0.0, 0.0, 0.0, 1.0]
],
  "dcmmeta_shape": [320, 320, 60],
  "dcmmeta_slice_dim": 2,
  "dcmmeta_version": 0.6,
  "global": {
    "const": {
      "AcquisitionMatrix": [320, 0, 0, 320],
      "AcquisitionNumber": 1,
      "AcquisitionTime": "114511.077500",
      "AngioFlag": "N",
      "BitsAllocated": 16,
      "BitsStored": 12,
      "Columns": 320,
      "EchoNumbers": 1,
      "EchoTime": 4.02,
      "EchoTrainLength": 1,
      "FlipAngle": 6.0,
      "HighBit": 11,
      "ImageOrientationPatient": [0.77788642343523, 0.00277846313724, 0.62839875268634, 1.38312032e-08, 0.9999902252502, -0.0044214708029],
      "ImageType": [
        "ORIGINAL",
        "PRIMARY",
        "M",
        "ND"
],
      "ImagedNucleus": "1H",
      "ImagingFrequency": 297.205296,
      "InPlanePhaseEncodingDirection": "COL",
      "InversionTime": 900.0,
      "MRAcquisitionType": "3D",
      "MagneticFieldStrength": 6.98,
      "Manufacturer": "SIEMENS",
      "ManufacturerModelName": "Investigational_Device_7T",
      "Modality": "MR",
      "NumberOfAverages": 1.0,
      "NumberOfPhaseEncodingSteps": 319,
      "PercentPhaseFieldOfView": 100.0,
      "PercentSampling": 100.0,
      "PerformedProcedureStepStartTime": "102754.125000",
      "PhotometricInterpretation": "MONOCHROME2",
      "PixelBandwidth": 140.0,
      "PixelRepresentation": 0,
      "PixelSpacing": [0.5, 0.5],
      "ProtocolName": "High_Res_Slab_Anat",
      "RepetitionTime": 6000.0,
      "Rows": 320,
      "SAR": 0.16826420883496,
      "SamplesPerPixel": 1,
      "ScanOptions": "IR",
      "ScanningSequence": [
        "GR",
        "IR"
],
      "SequenceName": "RENZO343d1",
      "SequenceVariant": [
        "SP",
        "MP"
],
      "SeriesDescription": "High_Res_Slab_Anat_INV1",
      "SeriesNumber": 13,
      "SeriesTime": "114940.765000",
      "SliceThickness": 0.5,
      "SmallestImagePixelValue": 0,
      "SoftwareVersions": "syngo MR B17",
      "SpecificCharacterSet": "ISO_IR 100",
      "StudyID": "1",
      "StudyTime": "102754.062000",
      "TransmitCoilName": "32Ch_Head_7T",
      "VariableFlipAngleFlag": "N",
      "WindowCenterWidthExplanation": "Algo1",
      "dBdt": 0.0},
