{
  "AcquisitionMatrixPE": 320,
  "AcquisitionNumber": 1,
  "AcquisitionTime": "12:24:58.747500",
  "BaseResolution": 320,
  "CoilCombinationMethod": "Adaptive Combine",
  "CoilString": "C:A32",
  "ConversionSoftware": "dcm2niix",
  "ConversionSoftwareVersion": "v1.0.20220720",
  "DeviceSerialNumber": "18930",
  "DwellTime": 1.12e-05,
  "EchoTime": 0.00402,
  "FlipAngle": 7,
  "HeudiconvVersion": "0.13.1",
  "ImageOrientationPatientDICOM": [0.723862, 0.00765883, 0.689902, -4.95584e-08, 0.999938, -0.0111006],
  "ImageOrientationText": "Tra>Sag(43.6)>Cor(-0.5)",
  "ImageType": [
    "ORIGINAL",
    "PRIMARY",
    "M",
    "ND"
],
  "ImagingFrequency": 297.205,
  "InPlanePhaseEncodingDirectionDICOM": "COL",
  "InstitutionAddress": "Oxfordlaan 55,Maastricht,Limburg,NL,6229 EV",
  "InstitutionName": "Scannexus",
  "InstitutionalDepartmentName": "MRI 7T",
  "InversionTime": 2.75,
  "MRAcquisitionType": "3D",
  "MagneticFieldStrength": 6.98,
  "Manufacturer": "Siemens",
  "ManufacturersModelName": "Investigational_Device_7T",
  "MatrixCoilMode": "GRAPPA",
  "Modality": "MR",
  "NonlinearGradientCorrection": false,
  "ParallelReductionFactorInPlane": 2,
  "PartialFourier": 1,
  "PatientPosition": "HFS",
  "PercentPhaseFOV": 100,
  "PercentSampling": 100,
  "PhaseEncodingSteps": 319,
  "PhaseResolution": 1,
  "PixelBandwidth": 140,
  "ProcedureStepDescription": "Amanda Kaas^Studies",
  "ProtocolName": "High_Res_Slab_Anat",
  "PulseSequenceDetails": "%CustomerSeq%\\RENZO4",
  "ReceiveCoilName": "32Ch_Head_7T",
  "ReconMatrixPE": 320,
  "RefLinesPE": 32,
  "RepetitionTime": 6,
  "SAR": 0.106378,
  "ScanOptions": "IR",
  "ScanningSequence": "GR\\IR",
  "SequenceName": "RENZO343d1",
  "SequenceVariant": "SP\\MP",
  "SeriesDescription": "High_Res_Slab_Anat_INV2",
  "SeriesNumber": 9,
  "ShimSetting": [162, -144, 271, 303, 97, -96, 572, 120],
  "SliceThickness": 0.5,
  "SoftwareVersions": "syngo MR B17",
  "StationName": "MRC18930",
  "TxRefAmp": 250,
  "dcmmeta_affine": [
    [0.3619309961795807, -2.477918137344659e-08, 0.3449723720550537, -31.679121017456055],
    [0.0038294161204248667, 0.4999691843986511, -0.0040176319889724255, -56.5230827331543],
    [-0.3449511229991913, 0.005550296977162361, 0.3619087040424347, 86.62960052490234],
    [0.0, 0.0, 0.0, 1.0]
],
  "dcmmeta_reorient_transform": [
    [0.0, -1.0, 0.0, 319.0],
    [-1.0, 0.0, 0.0, 319.0],
    [0.0, 0.0, -1.0, 59.0],
    [0.0, 0.0, 0.0, 1.0]
],
  "dcmmeta_shape": [320, 320, 60],
  "dcmmeta_slice_dim": 2,
  "dcmmeta_version": 0.6,
  "global": {
    "const": {
      "AcquisitionMatrix": [320, 0, 0, 320],
      "AcquisitionNumber": 1,
      "AcquisitionTime": "122458.747500",
      "AngioFlag": "N",
      "BitsAllocated": 16,
      "BitsStored": 12,
      "Columns": 320,
      "EchoNumbers": 1,
      "EchoTime": 4.02,
      "EchoTrainLength": 1,
      "FlipAngle": 7.0,
      "HighBit": 11,
      "ImageOrientationPatient": [0.72386201517783, 0.00765883235394, 0.68990225776531, -4.95583625e-08, 0.99993838651266, -0.0111005936087],
      "ImageType": [
        "ORIGINAL",
        "PRIMARY",
        "M",
        "ND"
],
      "ImagedNucleus": "1H",
      "ImagingFrequency": 297.205223,
      "InPlanePhaseEncodingDirection": "COL",
      "InversionTime": 2750.0,
      "MRAcquisitionType": "3D",
      "MagneticFieldStrength": 6.98,
      "Manufacturer": "SIEMENS",
      "ManufacturerModelName": "Investigational_Device_7T",
      "Modality": "MR",
      "NumberOfAverages": 1.0,
      "NumberOfPhaseEncodingSteps": 319,
      "PercentPhaseFieldOfView": 100.0,
      "PercentSampling": 100.0,
      "PerformedProcedureStepStartTime": "111103.609000",
      "PhotometricInterpretation": "MONOCHROME2",
      "PixelBandwidth": 140.0,
      "PixelRepresentation": 0,
      "PixelSpacing": [0.5, 0.5],
      "ProtocolName": "High_Res_Slab_Anat",
      "RepetitionTime": 6000.0,
      "Rows": 320,
      "SAR": 0.10637833867329,
      "SamplesPerPixel": 1,
      "ScanOptions": "IR",
      "ScanningSequence": [
        "GR",
        "IR"
],
      "SequenceName": "RENZO343d1",
      "SequenceVariant": [
        "SP",
        "MP"
],
      "SeriesDescription": "High_Res_Slab_Anat_INV2",
      "SeriesNumber": 9,
      "SeriesTime": "122930.156000",
      "SliceThickness": 0.5,
      "SmallestImagePixelValue": 0,
      "SoftwareVersions": "syngo MR B17",
      "SpecificCharacterSet": "ISO_IR 100",
      "StudyID": "1",
      "StudyTime": "111103.250000",
      "TransmitCoilName": "32Ch_Head_7T",
      "VariableFlipAngleFlag": "N",
      "WindowCenterWidthExplanation": "Algo1",
      "dBdt": 0.0},
