{
  "AcquisitionMatrixPE": 216,
  "AcquisitionNumber": 1,
  "AcquisitionTime": "13:54:52.740000",
  "BandwidthPerPixelPhaseEncode": 13.355,
  "BaseResolution": 162,
  "CoilCombinationMethod": "Sum of Squares",
  "CoilString": "C:A32",
  "ConversionSoftware": "dcm2niix",
  "ConversionSoftwareVersion": "v1.0.20220720",
  "DerivedVendorReportedEchoSpacing": 0.00103998,
  "DeviceSerialNumber": "18930",
  "DwellTime": 2.9e-06,
  "EchoTime": 0.025,
  "EffectiveEchoSpacing": 0.000346659,
  "FlipAngle": 4,
  "HeudiconvVersion": "0.13.1",
  "ImageComments": "E00_Com",
  "ImageOrientationPatientDICOM": [0.820261, -0.0180838, 0.571704, 2.46539e-08, 0.9995, 0.0316155],
  "ImageOrientationText": "Tra>Sag(34.9)>Cor(1.5)",
  "ImageType": [
    "ORIGINAL",
    "PRIMARY",
    "M",
    "ND",
    "ECHO",
 "00",
    "COMBINED",
    "MOSAIC"
],
  "ImagingFrequency": 297.205,
  "InPlanePhaseEncodingDirectionDICOM": "COL",
  "InstitutionAddress": "Oxfordlaan 55,Maastricht,Limburg,NL,6229 EV",
  "InstitutionName": "Scannexus",
  "InstitutionalDepartmentName": "MRI 7T",
  "MRAcquisitionType": "3D",
  "MagneticFieldStrength": 6.98,
  "Manufacturer": "Siemens",
  "ManufacturersModelName": "Investigational_Device_7T",
  "MatrixCoilMode": "GRAPPA",
  "Modality": "MR",
  "NonlinearGradientCorrection": false,
  "ParallelReductionFactorInPlane": 3,
  "PartialFourier": 0.75,
  "PatientPosition": "HFS",
  "PercentPhaseFOV": 133.333,
  "PercentSampling": 100,
  "PhaseEncodingSteps": 163,
  "PhaseResolution": 1,
  "PixelBandwidth": 1064,
  "ProcedureStepDescription": "Amanda Kaas^Studies",
  "ProtocolName": "VASO_thick_slices_BA3b_task",
  "PulseSequenceDetails": "%CustomerSeq%/renzo\\VASO_132",
  "ReceiveCoilName": "32Ch_Head_7T",
  "ReconMatrixPE": 216,
  "RefLinesPE": 45,
  "RepetitionTime": 2.2697,
  "SAR": 0.110411,
  "ScanOptions": "PFP\\SAT1\\FS",
  "ScanningSequence": "EP",
  "SequenceName": "BPs 3D-EPI with",
  "SequenceVariant": "SK\\SP",
  "SeriesDescription": "VASO_thick_slices_BA3b_task_E00_M",
  "SeriesNumber": 3,
  "ShimSetting": [129, -258, 206, 390, 156, 86, 1259, 102],
  "SliceThickness": 1.29,
  "SoftwareVersions": "syngo MR B17",
  "SpacingBetweenSlices": 1.29,
  "SpoilingState": true,
  "StationName": "MRC18930",
  "TaskName": "stim",
  "TotalReadoutTime": 0.0745317,
  "TxRefAmp": 250,
  "dcmmeta_affine": [
    [-0.6177272796630859, 1.856653852883028e-08, 0.7378668189048767, 75.97833251953125],
    [0.013618649914860725, 0.7527099847793579, 0.033453524112701416, -52.977054595947266],
    [0.4305424094200134, -0.023809226229786873, 1.0576074123382568, 13.403273582458496],
    [0.0, 0.0, 0.0, 1.0]
],
  "dcmmeta_reorient_transform": [
    [0.0, -1.0, 0.0, 215.0],
    [1.0, 0.0, 0.0, 0.0],
    [0.0, 0.0, 1.0, 0.0],
    [0.0, 0.0, 0.0, 1.0]
],
  "dcmmeta_shape": [162, 216, 22, 401],
  "dcmmeta_slice_dim": 2,
  "dcmmeta_version": 0.6,
  "global": {
    "const": {
      "AcquisitionMatrix": [162, 0, 0, 216],
      "AngioFlag": "N",
      "BitsAllocated": 16,
      "BitsStored": 12,
      "Columns": 810,
      "EchoNumbers": 1,
      "EchoTime": 25.0,
      "EchoTrainLength": 1,
      "FlipAngle": 4.0,
      "HighBit": 11,
      "ImageOrientationPatient": [0.82026074808233, -0.0180837799274, 0.5717038412141, 2.46539263e-08, 0.99950010419699, 0.0316155295733],
      "ImagePositionPatient": [-276.1219753224, -429.61386012484, -141.4970386417],
      "ImageType": [
        "ORIGINAL",
        "PRIMARY",
        "M",
        "ND",
        "ECHO_00",
        "COMBINED",
        "MOSAIC"
],
      "ImagedNucleus": "1H",
      "ImagingFrequency": 297.205091,
      "InPlanePhaseEncodingDirection": "COL",
      "MRAcquisitionType": "3D",
      "MagneticFieldStrength": 6.98,
      "Manufacturer": "SIEMENS",
      "ManufacturerModelName": "Investigational_Device_7T",
      "Modality": "MR",
      "NumberOfAverages": 1.0,
      "NumberOfPhaseEncodingSteps": 163,
      "PercentPhaseFieldOfView": 133.33333360656,
      "PercentSampling": 100.0,
      "PerformedProcedureStepStartTime": "132852.812000",
      "PhotometricInterpretation": "MONOCHROME2",
      "PixelBandwidth": 1064.0,
      "PixelRepresentation": 0,
      "PixelSpacing": [0.75308644771576, 0.75308644771576],
      "ProtocolName": "VASO_thick_slices_BA3b_task",
      "RepetitionTime": 2269.7,
      "Rows": 1080,
      "SAR": 0.11041058271355,
      "SamplesPerPixel": 1,
      "ScanOptions": [
        "PFP",
        "SAT1",
        "FS"
],
      "ScanningSequence": "EP",
      "SequenceName": "BPs 3D-EPI with",
      "SequenceVariant": [
        "SK",
        "SP"
],
      "SeriesDescription": "VASO_thick_slices_BA3b_task_E00_M",
      "SeriesNumber": 3,
      "SeriesTime": "135456.218000",
      "SliceLocation": 53.073661139365,
      "SliceThickness": 1.289999961853,
      "SmallestImagePixelValue": 0,
      "SoftwareVersions": "syngo MR B17",
      "SpacingBetweenSlices": 1.289999961853,
      "SpecificCharacterSet": "ISO_IR 100",
      "StudyID": "1",
      "StudyTime": "132852.765000",
      "TransmitCoilName": "32Ch_Head_7T",
      "VariableFlipAngleFlag": "N",
      "WindowCenterWidthExplanation": "Algo1",
      "dBdt": 0.0},
