{
  "AcquisitionMatrixPE": 320,
  "AcquisitionNumber": 1,
  "AcquisitionTime": "10:09:43.037500",
  "BaseResolution": 320,
  "CoilCombinationMethod": "Adaptive Combine",
  "CoilString": "C:A32",
  "ConversionSoftware": "dcm2niix",
  "ConversionSoftwareVersion": "v1.0.20220720",
  "DeviceSerialNumber": "18930",
  "DwellTime": 1.12e-05,
  "EchoTime": 0.00402,
  "FlipAngle": 6,
  "HeudiconvVersion": "0.13.1",
  "ImageOrientationPatientDICOM": [0.889416, -1e-16, 0.457098, 1e-16, 1, 0],
  "ImageOrientationText": "Tra>Sag(27.2)",
  "ImageType": [
    "ORIGINAL",
    "PRIMARY",
    "M",
    "ND"
],
  "ImagingFrequency": 297.205,
  "InPlanePhaseEncodingDirectionDICOM": "COL",
  "InstitutionAddress": "Oxfordlaan 55,Maastricht,Limburg,NL,6229 EV",
  "InstitutionName": "Scannexus",
  "InstitutionalDepartmentName": "MRI 7T",
  "InversionTime": 0.9,
  "MRAcquisitionType": "3D",
  "MagneticFieldStrength": 6.98,
  "Manufacturer": "Siemens",
  "ManufacturersModelName": "Investigational_Device_7T",
  "MatrixCoilMode": "GRAPPA",
  "Modality": "MR",
  "NonlinearGradientCorrection": false,
  "ParallelReductionFactorInPlane": 2,
  "PartialFourier": 1,
  "PatientPosition": "HFS",
  "PercentPhaseFOV": 100,
  "PercentSampling": 100,
  "PhaseEncodingSteps": 319,
  "PhaseResolution": 1,
  "PixelBandwidth": 140,
  "ProcedureStepDescription": "Amanda Kaas^Studies",
  "ProtocolName": "High_Res_Slab_Anat",
  "PulseSequenceDetails": "%CustomerSeq%\\RENZO4",
  "ReceiveCoilName": "32Ch_Head_7T",
  "ReconMatrixPE": 320,
  "RefLinesPE": 32,
  "RepetitionTime": 6,
  "SAR": 0.0981518,
  "ScanOptions": "IR",
  "ScanningSequence": "GR\\IR",
  "SequenceName": "RENZO343d1",
  "SequenceVariant": "SP\\MP",
  "SeriesDescription": "High_Res_Slab_Anat_INV1",
  "SeriesNumber": 2,
  "ShimSetting": [123, -196, 283, 283, -75, -425, 308, 95],
  "SliceThickness": 0.5,
  "SoftwareVersions": "syngo MR B17",
  "StationName": "MRC18930",
  "TxRefAmp": 250,
  "dcmmeta_affine": [
    [0.4447081983089447, 5.0000000843119176e-17, 0.22854895889759064, -57.6917610168457],
    [-5.0000000843119176e-17, 0.5, 0.0, -47.210845947265625],
    [-0.22854895889759064, 0.0, 0.4447081983089447, 56.9553337097168],
    [0.0, 0.0, 0.0, 1.0]
],
  "dcmmeta_reorient_transform": [
    [0.0, -1.0, 0.0, 319.0],
    [-1.0, 0.0, 0.0, 319.0],
    [0.0, 0.0, -1.0, 59.0],
    [0.0, 0.0, 0.0, 1.0]
],
  "dcmmeta_shape": [320, 320, 60],
  "dcmmeta_slice_dim": 2,
  "dcmmeta_version": 0.6,
  "global": {
    "const": {
      "AcquisitionMatrix": [320, 0, 0, 320],
      "AcquisitionNumber": 1,
      "AcquisitionTime": "100943.037500",
      "AngioFlag": "N",
      "BitsAllocated": 16,
      "BitsStored": 12,
      "Columns": 320,
      "EchoNumbers": 1,
      "EchoTime": 4.02,
      "EchoTrainLength": 1,
      "FlipAngle": 6.0,
      "HighBit": 11,
      "ImageOrientationPatient": [0.88941637887304, -1e-16, 0.45709791619779, 1e-16, 1.0, 0.0],
      "ImageType": [
        "ORIGINAL",
        "PRIMARY",
        "M",
        "ND"
],
      "ImagedNucleus": "1H",
      "ImagingFrequency": 297.205326,
      "InPlanePhaseEncodingDirection": "COL",
      "InversionTime": 900.0,
      "MRAcquisitionType": "3D",
      "MagneticFieldStrength": 6.98,
      "Manufacturer": "SIEMENS",
      "ManufacturerModelName": "Investigational_Device_7T",
      "Modality": "MR",
      "NumberOfAverages": 1.0,
      "NumberOfPhaseEncodingSteps": 319,
      "PercentPhaseFieldOfView": 100.0,
      "PercentSampling": 100.0,
      "PerformedProcedureStepStartTime": "095610.421000",
      "PhotometricInterpretation": "MONOCHROME2",
      "PixelBandwidth": 140.0,
      "PixelRepresentation": 0,
      "PixelSpacing": [0.5, 0.5],
      "ProtocolName": "High_Res_Slab_Anat",
      "RepetitionTime": 6000.0,
      "Rows": 320,
      "SAR": 0.09815174994731,
      "SamplesPerPixel": 1,
      "ScanOptions": "IR",
      "ScanningSequence": [
        "GR",
        "IR"
],
      "SequenceName": "RENZO343d1",
      "SequenceVariant": [
        "SP",
        "MP"
],
      "SeriesDescription": "High_Res_Slab_Anat_INV1",
      "SeriesNumber": 2,
      "SeriesTime": "101413.281000",
      "SliceThickness": 0.5,
      "SmallestImagePixelValue": 0,
      "SoftwareVersions": "syngo MR B17",
      "SpecificCharacterSet": "ISO_IR 100",
      "StudyID": "1",
      "StudyTime": "095610.343000",
      "TransmitCoilName": "32Ch_Head_7T",
      "VariableFlipAngleFlag": "N",
      "WindowCenterWidthExplanation": "Algo1",
      "dBdt": 0.0},
