{
  "AcquisitionMatrixPE": 320,
  "AcquisitionNumber": 1,
  "AcquisitionTime": "12:40:9.037500",
  "BaseResolution": 320,
  "CoilCombinationMethod": "Adaptive Combine",
  "CoilString": "C:A32",
  "ConversionSoftware": "dcm2niix",
  "ConversionSoftwareVersion": "v1.0.20220720",
  "DeviceSerialNumber": "18930",
  "DwellTime": 9.2e-06,
  "EchoTime": 0.0025,
  "FlipAngle": 5,
  "HeudiconvVersion": "0.13.1",
  "ImageOrientationPatientDICOM": [0, 1, 0, 0, 0, -1],
  "ImageOrientationText": "Sag",
  "ImageType": [
    "ORIGINAL",
    "PRIMARY",
    "M",
    "ND"
],
  "ImagingFrequency": 297.205,
  "InPlanePhaseEncodingDirectionDICOM": "ROW",
  "InstitutionAddress": "Oxfordlaan 55,Maastricht,Limburg,NL,6229 EV",
  "InstitutionName": "Scannexus",
  "InstitutionalDepartmentName": "MRI 7T",
  "InversionTime": 0.9,
  "MRAcquisitionType": "3D",
  "MagneticFieldStrength": 6.98,
  "Manufacturer": "Siemens",
  "ManufacturersModelName": "Investigational_Device_7T",
  "MatrixCoilMode": "GRAPPA",
  "Modality": "MR",
  "NonlinearGradientCorrection": false,
  "ParallelReductionFactorInPlane": 3,
  "PartialFourier": 0.75,
  "PatientPosition": "HFS",
  "PercentPhaseFOV": 100,
  "PercentSampling": 100,
  "PhaseEncodingSteps": 240,
  "PhaseResolution": 1,
  "PixelBandwidth": 170,
  "ProcedureStepDescription": "Amanda Kaas^Studies",
  "ProtocolName": "Whole_brain_MP2RAGE",
  "PulseSequenceDetails": "%CustomerSeq%\\RENZO4",
  "ReceiveCoilName": "32Ch_Head_7T",
  "ReconMatrixPE": 320,
  "RefLinesPE": 24,
  "RepetitionTime": 6,
  "SAR": 0.0890661,
  "ScanOptions": "IR\\PFP",
  "ScanningSequence": "GR\\IR",
  "SequenceName": "RENZO343d1_ns",
  "SequenceVariant": "SP\\MP",
  "SeriesDescription": "Whole_brain_MP2RAGE_INV1",
  "SeriesNumber": 24,
  "ShimSetting": [-43, -241, 324, 441, -907, -101, -558, -345],
  "SliceThickness": 0.7,
  "SoftwareVersions": "syngo MR B17",
  "StationName": "MRC18930",
  "TxRefAmp": 250,
  "dcmmeta_affine": [
    [0.699999988079071, 0.0, 0.0, -86.57792663574219],
    [0.0, 0.699999988079071, 0.0, -72.1441650390625],
    [0.0, 0.0, 0.699999988079071, -125.90166473388672],
    [0.0, 0.0, 0.0, 1.0]
],
  "dcmmeta_reorient_transform": [
    [0.0, 0.0, -1.0, 319.0],
    [0.0, -1.0, 0.0, 319.0],
    [-1.0, 0.0, 0.0, 239.0],
    [0.0, 0.0, 0.0, 1.0]
],
  "dcmmeta_shape": [240, 320, 320],
  "dcmmeta_slice_dim": 0,
  "dcmmeta_version": 0.6,
  "global": {
    "const": {
      "AcquisitionMatrix": [0, 320, 320, 0],
      "AcquisitionNumber": 1,
      "AcquisitionTime": "124009.037500",
      "AngioFlag": "N",
      "BitsAllocated": 16,
      "BitsStored": 12,
      "Columns": 320,
      "EchoNumbers": 1,
      "EchoTime": 2.5,
      "EchoTrainLength": 1,
      "FlipAngle": 5.0,
      "HighBit": 11,
      "ImageOrientationPatient": [0.0, 1.0, 0.0, 0.0, 0.0, -1.0],
      "ImageType": [
        "ORIGINAL",
        "PRIMARY",
        "M",
        "ND"
],
      "ImagedNucleus": "1H",
      "ImagingFrequency": 297.205322,
      "InPlanePhaseEncodingDirection": "ROW",
      "InversionTime": 900.0,
      "MRAcquisitionType": "3D",
      "MagneticFieldStrength": 6.98,
      "Manufacturer": "SIEMENS",
      "ManufacturerModelName": "Investigational_Device_7T",
      "Modality": "MR",
      "NumberOfAverages": 1.0,
      "NumberOfPhaseEncodingSteps": 240,
      "PercentPhaseFieldOfView": 100.0,
      "PercentSampling": 100.0,
      "PerformedProcedureStepStartTime": "114000.265000",
      "PhotometricInterpretation": "MONOCHROME2",
      "PixelBandwidth": 170.0,
      "PixelRepresentation": 0,
      "PixelSpacing": [0.69999998807907, 0.69999998807907],
      "ProtocolName": "Whole_brain_MP2RAGE",
      "RepetitionTime": 6000.0,
      "Rows": 320,
      "SAR": 0.08906606851117,
      "SamplesPerPixel": 1,
      "ScanOptions": [
        "IR",
        "PFP"
],
      "ScanningSequence": [
        "GR",
        "IR"
],
      "SequenceName": "RENZO343d1_ns",
      "SequenceVariant": [
        "SP",
        "MP"
],
      "SeriesDescription": "Whole_brain_MP2RAGE_INV1",
      "SeriesNumber": 24,
      "SeriesTime": "124944.062000",
      "SliceThickness": 0.69999998807907,
      "SmallestImagePixelValue": 0,
      "SoftwareVersions": "syngo MR B17",
      "SpecificCharacterSet": "ISO_IR 100",
      "StudyID": "1",
      "StudyTime": "114000.218000",
      "TransmitCoilName": "32Ch_Head_7T",
      "VariableFlipAngleFlag": "N",
      "WindowCenterWidthExplanation": "Algo1",
      "dBdt": 0.0},
