{
  "AcquisitionMatrixPE": 320,
  "AcquisitionNumber": 1,
  "AcquisitionTime": "12:47:10.385000",
  "BaseResolution": 320,
  "CoilCombinationMethod": "Adaptive Combine",
  "CoilString": "C:A32",
  "ConversionSoftware": "dcm2niix",
  "ConversionSoftwareVersion": "v1.0.20220720",
  "DeviceSerialNumber": "18930",
  "DwellTime": 1.12e-05,
  "EchoTime": 0.00402,
  "FlipAngle": 7,
  "HeudiconvVersion": "0.13.1",
  "ImageOrientationPatientDICOM": [0.78204, 0.00528726, 0.623206, 1.45587e-08, 0.999964, -0.00848369],
  "ImageOrientationText": "Tra>Sag(38.6)>Cor(-0.4)",
  "ImageType": [
    "ORIGINAL",
    "PRIMARY",
    "M",
    "ND"
],
  "ImagingFrequency": 297.205,
  "InPlanePhaseEncodingDirectionDICOM": "COL",
  "InstitutionAddress": "Oxfordlaan 55,Maastricht,Limburg,NL,6229 EV",
  "InstitutionName": "Scannexus",
  "InstitutionalDepartmentName": "MRI 7T",
  "InversionTime": 2.75,
  "MRAcquisitionType": "3D",
  "MagneticFieldStrength": 6.98,
  "Manufacturer": "Siemens",
  "ManufacturersModelName": "Investigational_Device_7T",
  "MatrixCoilMode": "GRAPPA",
  "Modality": "MR",
  "NonlinearGradientCorrection": false,
  "ParallelReductionFactorInPlane": 2,
  "PartialFourier": 1,
  "PatientPosition": "HFS",
  "PercentPhaseFOV": 100,
  "PercentSampling": 100,
  "PhaseEncodingSteps": 319,
  "PhaseResolution": 1,
  "PixelBandwidth": 140,
  "ProcedureStepDescription": "Amanda Kaas^Studies",
  "ProtocolName": "High_Res_Slab_Anat",
  "PulseSequenceDetails": "%CustomerSeq%\\RENZO4",
  "ReceiveCoilName": "32Ch_Head_7T",
  "ReconMatrixPE": 320,
  "RefLinesPE": 32,
  "RepetitionTime": 6,
  "SAR": 0.150283,
  "ScanOptions": "IR",
  "ScanningSequence": "GR\\IR",
  "SequenceName": "RENZO343d1",
  "SequenceVariant": "SP\\MP",
  "SeriesDescription": "High_Res_Slab_Anat_INV2",
  "SeriesNumber": 7,
  "ShimSetting": [93, -217, 545, 719, -153, 171, 353, 33],
  "SliceThickness": 0.5,
  "SoftwareVersions": "syngo MR B17",
  "StationName": "MRC18930",
  "TxRefAmp": 250,
  "dcmmeta_affine": [
    [0.3910198211669922, 7.279348679389841e-09, 0.31161433458328247, -35.74517059326172],
    [0.0026436324696987867, 0.49998199939727783, -0.003317293943837285, -58.0682258605957],
    [-0.3116031289100647, 0.0042418427765369415, 0.3910057544708252, 78.27046966552734],
    [0.0, 0.0, 0.0, 1.0]
],
  "dcmmeta_reorient_transform": [
    [0.0, -1.0, 0.0, 319.0],
    [-1.0, 0.0, 0.0, 319.0],
    [0.0, 0.0, -1.0, 59.0],
    [0.0, 0.0, 0.0, 1.0]
],
  "dcmmeta_shape": [320, 320, 60],
  "dcmmeta_slice_dim": 2,
  "dcmmeta_version": 0.6,
  "global": {
    "const": {
      "AcquisitionMatrix": [320, 0, 0, 320],
      "AcquisitionNumber": 1,
      "AcquisitionTime": "124710.385000",
      "AngioFlag": "N",
      "BitsAllocated": 16,
      "BitsStored": 12,
      "Columns": 320,
      "EchoNumbers": 1,
      "EchoTime": 4.02,
      "EchoTrainLength": 1,
      "FlipAngle": 7.0,
      "HighBit": 11,
      "ImageOrientationPatient": [0.78203965473581, 0.00528726482602, 0.6232062445542, 1.45586976e-08, 0.99996401289049, -0.008483685753],
      "ImageType": [
        "ORIGINAL",
        "PRIMARY",
        "M",
        "ND"
],
      "ImagedNucleus": "1H",
      "ImagingFrequency": 297.205164,
      "InPlanePhaseEncodingDirection": "COL",
      "InversionTime": 2750.0,
      "MRAcquisitionType": "3D",
      "MagneticFieldStrength": 6.98,
      "Manufacturer": "SIEMENS",
      "ManufacturerModelName": "Investigational_Device_7T",
      "Modality": "MR",
      "NumberOfAverages": 1.0,
      "NumberOfPhaseEncodingSteps": 319,
      "PercentPhaseFieldOfView": 100.0,
      "PercentSampling": 100.0,
      "PerformedProcedureStepStartTime": "105425.140000",
      "PhotometricInterpretation": "MONOCHROME2",
      "PixelBandwidth": 140.0,
      "PixelRepresentation": 0,
      "PixelSpacing": [0.5, 0.5],
      "ProtocolName": "High_Res_Slab_Anat",
      "RepetitionTime": 6000.0,
      "Rows": 320,
      "SAR": 0.15028340087847,
      "SamplesPerPixel": 1,
      "ScanOptions": "IR",
      "ScanningSequence": [
        "GR",
        "IR"
],
      "SequenceName": "RENZO343d1",
      "SequenceVariant": [
        "SP",
        "MP"
],
      "SeriesDescription": "High_Res_Slab_Anat_INV2",
      "SeriesNumber": 7,
      "SeriesTime": "125138.390000",
      "SliceThickness": 0.5,
      "SmallestImagePixelValue": 0,
      "SoftwareVersions": "syngo MR B17",
      "SpecificCharacterSet": "ISO_IR 100",
      "StudyID": "1",
      "StudyTime": "105425.093000",
      "TransmitCoilName": "32Ch_Head_7T",
      "VariableFlipAngleFlag": "N",
      "WindowCenterWidthExplanation": "Algo1",
      "dBdt": 0.0},
