{
  "AcquisitionMatrixPE": 216,
  "AcquisitionNumber": 1,
  "AcquisitionTime": "13:02:27.167500",
  "BandwidthPerPixelPhaseEncode": 13.355,
  "BaseResolution": 162,
  "CoilCombinationMethod": "Sum of Squares",
  "CoilString": "C:A32",
  "ConversionSoftware": "dcm2niix",
  "ConversionSoftwareVersion": "v1.0.20220720",
  "DerivedVendorReportedEchoSpacing": 0.00103998,
  "DeviceSerialNumber": "18930",
  "DwellTime": 2.9e-06,
  "EchoTime": 0.025,
  "EffectiveEchoSpacing": 0.000346659,
  "FlipAngle": 4,
  "HeudiconvVersion": "0.13.1",
  "ImageComments": "E00_Com",
  "ImageOrientationPatientDICOM": [0.894677, 0.0641086, 0.44209, -4.93193e-08, 0.989649, -0.143511],
  "ImageOrientationText": "Tra>Sag(26.8)>Cor(-7.4)",
  "ImageType": [
    "ORIGINAL",
    "PRIMARY",
    "M",
    "ND",
    "ECHO",
 "00",
    "COMBINED",
    "MOSAIC"
],
  "ImagingFrequency": 297.205,
  "InPlanePhaseEncodingDirectionDICOM": "COL",
  "InstitutionAddress": "Oxfordlaan 55,Maastricht,Limburg,NL,6229 EV",
  "InstitutionName": "Scannexus",
  "InstitutionalDepartmentName": "MRI 7T",
  "MRAcquisitionType": "3D",
  "MagneticFieldStrength": 6.98,
  "Manufacturer": "Siemens",
  "ManufacturersModelName": "Investigational_Device_7T",
  "MatrixCoilMode": "GRAPPA",
  "Modality": "MR",
  "NonlinearGradientCorrection": false,
  "ParallelReductionFactorInPlane": 3,
  "PartialFourier": 0.75,
  "PatientPosition": "HFS",
  "PercentPhaseFOV": 133.333,
  "PercentSampling": 100,
  "PhaseEncodingSteps": 163,
  "PhaseResolution": 1,
  "PixelBandwidth": 1064,
  "ProcedureStepDescription": "Amanda Kaas^Studies",
  "ProtocolName": "VASO_thick_slices_BA3b_task",
  "PulseSequenceDetails": "%CustomerSeq%/renzo\\VASO_132",
  "ReceiveCoilName": "32Ch_Head_7T",
  "ReconMatrixPE": 216,
  "RefLinesPE": 45,
  "RepetitionTime": 2.2697,
  "SAR": 0.0893296,
  "ScanOptions": "PFP\\SAT1\\FS",
  "ScanningSequence": "EP",
  "SequenceName": "BPs 3D-EPI with",
  "SequenceVariant": "SK\\SP",
  "SeriesDescription": "VASO_thick_slices_BA3b_task_E00_M",
  "SeriesNumber": 33,
  "ShimSetting": [-43, -241, 324, 441, -907, -101, -558, -345],
  "SliceThickness": 1.29,
  "SoftwareVersions": "syngo MR B17",
  "SpacingBetweenSlices": 1.29,
  "SpoilingState": true,
  "StationName": "MRC18930",
  "TaskName": "stim",
  "TotalReadoutTime": 0.0745317,
  "TxRefAmp": 250,
  "dcmmeta_affine": [
    [-0.6737689971923828, -3.71417172573274e-08, 0.576261043548584, 68.26931762695312],
    [-0.04827931895852089, 0.745290994644165, -0.1656312346458435, -48.905277252197266],
    [0.33293190598487854, 0.10807649791240692, 1.1421862840652466, -16.4235782623291],
    [0.0, 0.0, 0.0, 1.0]
],
  "dcmmeta_reorient_transform": [
    [0.0, -1.0, 0.0, 215.0],
    [1.0, 0.0, 0.0, 0.0],
    [0.0, 0.0, 1.0, 0.0],
    [0.0, 0.0, 0.0, 1.0]
],
  "dcmmeta_shape": [162, 216, 22, 401],
  "dcmmeta_slice_dim": 2,
  "dcmmeta_version": 0.6,
  "global": {
    "const": {
      "AcquisitionMatrix": [162, 0, 0, 216],
      "AngioFlag": "N",
      "BitsAllocated": 16,
      "BitsStored": 12,
      "Columns": 810,
      "EchoNumbers": 1,
      "EchoTime": 25.0,
      "EchoTrainLength": 1,
      "FlipAngle": 4.0,
      "HighBit": 11,
      "ImageOrientationPatient": [0.89467681312963, 0.06410860073312, 0.44208990868402, -4.93193297e-08, 0.98964866227985, -0.1435114115592],
      "ImagePositionPatient": [-286.5704452376, -448.94049632471, -54.368025602541],
      "ImageType": [
        "ORIGINAL",
        "PRIMARY",
        "M",
        "ND",
        "ECHO_00",
        "COMBINED",
        "MOSAIC"
],
      "ImagedNucleus": "1H",
      "ImagingFrequency": 297.205334,
      "InPlanePhaseEncodingDirection": "COL",
      "MRAcquisitionType": "3D",
      "MagneticFieldStrength": 6.98,
      "Manufacturer": "SIEMENS",
      "ManufacturerModelName": "Investigational_Device_7T",
      "Modality": "MR",
      "NumberOfAverages": 1.0,
      "NumberOfPhaseEncodingSteps": 163,
      "PercentPhaseFieldOfView": 133.33333360656,
      "PercentSampling": 100.0,
      "PerformedProcedureStepStartTime": "114000.265000",
      "PhotometricInterpretation": "MONOCHROME2",
      "PixelBandwidth": 1064.0,
      "PixelRepresentation": 0,
      "PixelSpacing": [0.75308644771576, 0.75308644771576],
      "ProtocolName": "VASO_thick_slices_BA3b_task",
      "RepetitionTime": 2269.7,
      "Rows": 1080,
      "SAR": 0.08932962873522,
      "SamplesPerPixel": 1,
      "ScanOptions": [
        "PFP",
        "SAT1",
        "FS"
],
      "ScanningSequence": "EP",
      "SequenceName": "BPs 3D-EPI with",
      "SequenceVariant": [
        "SK",
        "SP"
],
      "SeriesDescription": "VASO_thick_slices_BA3b_task_E00_M",
      "SeriesNumber": 33,
      "SeriesTime": "130230.781000",
      "SliceLocation": 22.234422985108,
      "SliceThickness": 1.289999961853,
      "SmallestImagePixelValue": 0,
      "SoftwareVersions": "syngo MR B17",
      "SpacingBetweenSlices": 1.289999961853,
      "SpecificCharacterSet": "ISO_IR 100",
      "StudyID": "1",
      "StudyTime": "114000.218000",
      "TransmitCoilName": "32Ch_Head_7T",
      "VariableFlipAngleFlag": "N",
      "WindowCenterWidthExplanation": "Algo1",
      "dBdt": 0.0},
