{
  "AcquisitionMatrixPE": 216,
  "AcquisitionNumber": 1,
  "AcquisitionTime": "17:02:6.695000",
  "BandwidthPerPixelPhaseEncode": 13.355,
  "BaseResolution": 162,
  "CoilCombinationMethod": "Sum of Squares",
  "CoilString": "C:A32",
  "ConversionSoftware": "dcm2niix",
  "ConversionSoftwareVersion": "v1.0.20220720",
  "DerivedVendorReportedEchoSpacing": 0.00103998,
  "DeviceSerialNumber": "18930",
  "DwellTime": 2.9e-06,
  "EchoTime": 0.025,
  "EffectiveEchoSpacing": 0.000346659,
  "FlipAngle": 4,
  "HeudiconvVersion": "0.13.1",
  "ImageComments": "E00_Com",
  "ImageOrientationPatientDICOM": [0.825815, 0.199236, 0.527573, -2.32317e-08, 0.935513, -0.353293],
  "ImageOrientationText": "Tra>Sag(36.1)>Cor(-17.0)",
  "ImageType": [
    "ORIGINAL",
    "PRIMARY",
    "M",
    "ND",
    "ECHO",
 "00",
    "COMBINED",
    "MOSAIC"
],
  "ImagingFrequency": 297.205,
  "InPlanePhaseEncodingDirectionDICOM": "COL",
  "InstitutionAddress": "Oxfordlaan 55,Maastricht,Limburg,NL,6229 EV",
  "InstitutionName": "Scannexus",
  "InstitutionalDepartmentName": "MRI 7T",
  "MRAcquisitionType": "3D",
  "MagneticFieldStrength": 6.98,
  "Manufacturer": "Siemens",
  "ManufacturersModelName": "Investigational_Device_7T",
  "MatrixCoilMode": "GRAPPA",
  "Modality": "MR",
  "NonlinearGradientCorrection": false,
  "ParallelReductionFactorInPlane": 3,
  "PartialFourier": 0.75,
  "PatientPosition": "HFS",
  "PercentPhaseFOV": 133.333,
  "PercentSampling": 100,
  "PhaseEncodingSteps": 163,
  "PhaseResolution": 1,
  "PixelBandwidth": 1064,
  "ProcedureStepDescription": "Amanda Kaas^Studies",
  "ProtocolName": "VASO_thick_slices_BA3b_task",
  "PulseSequenceDetails": "%CustomerSeq%/renzo\\VASO_132",
  "ReceiveCoilName": "32Ch_Head_7T",
  "ReconMatrixPE": 216,
  "RefLinesPE": 45,
  "RepetitionTime": 2.2697,
  "SAR": 0.160012,
  "ScanOptions": "PFP\\SAT1\\FS",
  "ScanningSequence": "EP",
  "SequenceName": "BPs 3D-EPI with",
  "SequenceVariant": "SK\\SP",
  "SeriesDescription": "VASO_thick_slices_BA3b_task_E00_M",
  "SeriesNumber": 34,
  "ShimSetting": [140, -54, 237, 295, 93, -219, -72, 72],
  "SliceThickness": 1.29,
  "SoftwareVersions": "syngo MR B17",
  "SpacingBetweenSlices": 1.29,
  "SpoilingState": true,
  "StationName": "MRC18930",
  "TaskName": "stim",
  "TotalReadoutTime": 0.0745317,
  "TxRefAmp": 250,
  "dcmmeta_affine": [
    [-0.6219103932380676, -1.7495469961659182e-08, 0.7274832725524902, 73.75736236572266],
    [-0.15004223585128784, 0.704521894454956, -0.37636393308639526, -56.48578643798828],
    [0.39730843901634216, 0.26606035232543945, 0.9966033101081848, -40.40008544921875],
    [0.0, 0.0, 0.0, 1.0]
],
  "dcmmeta_reorient_transform": [
    [0.0, -1.0, 0.0, 215.0],
    [1.0, 0.0, 0.0, 0.0],
    [0.0, 0.0, 1.0, 0.0],
    [0.0, 0.0, 0.0, 1.0]
],
  "dcmmeta_shape": [162, 216, 22, 401],
  "dcmmeta_slice_dim": 2,
  "dcmmeta_version": 0.6,
  "global": {
    "const": {
      "AcquisitionMatrix": [162, 0, 0, 216],
      "AngioFlag": "N",
      "BitsAllocated": 16,
      "BitsStored": 12,
      "Columns": 810,
      "EchoNumbers": 1,
      "EchoTime": 25.0,
      "EchoTrainLength": 1,
      "FlipAngle": 4.0,
      "HighBit": 11,
      "ImageOrientationPatient": [0.82581540598794, 0.19923639902741, 0.5275734759591, -2.32316886e-08, 0.93551262902298, -0.3532932506269],
      "ImagePositionPatient": [-275.2563209172, -447.95355469611, 3.013033945361],
      "ImageType": [
        "ORIGINAL",
        "PRIMARY",
        "M",
        "ND",
        "ECHO_00",
        "COMBINED",
        "MOSAIC"
],
      "ImagedNucleus": "1H",
      "ImagingFrequency": 297.205462,
      "InPlanePhaseEncodingDirection": "COL",
      "MRAcquisitionType": "3D",
      "MagneticFieldStrength": 6.98,
      "Manufacturer": "SIEMENS",
      "ManufacturerModelName": "Investigational_Device_7T",
      "Modality": "MR",
      "NumberOfAverages": 1.0,
      "NumberOfPhaseEncodingSteps": 163,
      "PercentPhaseFieldOfView": 133.33333360656,
      "PercentSampling": 100.0,
      "PerformedProcedureStepStartTime": "155119.671000",
      "PhotometricInterpretation": "MONOCHROME2",
      "PixelBandwidth": 1064.0,
      "PixelRepresentation": 0,
      "PixelSpacing": [0.75308644771576, 0.75308644771576],
      "ProtocolName": "VASO_thick_slices_BA3b_task",
      "RepetitionTime": 2269.7,
      "Rows": 1080,
      "SAR": 0.16001226660692,
      "SamplesPerPixel": 1,
      "ScanOptions": [
        "PFP",
        "SAT1",
        "FS"
],
      "ScanningSequence": "EP",
      "SequenceName": "BPs 3D-EPI with",
      "SequenceVariant": [
        "SK",
        "SP"
],
      "SeriesDescription": "VASO_thick_slices_BA3b_task_E00_M",
      "SeriesNumber": 34,
      "SeriesTime": "170210.468000",
      "SliceLocation": 26.863257776723,
      "SliceThickness": 1.289999961853,
      "SmallestImagePixelValue": 0,
      "SoftwareVersions": "syngo MR B17",
      "SpacingBetweenSlices": 1.289999961853,
      "SpecificCharacterSet": "ISO_IR 100",
      "StudyID": "1",
      "StudyTime": "155119.609000",
      "TransmitCoilName": "32Ch_Head_7T",
      "VariableFlipAngleFlag": "N",
      "WindowCenterWidthExplanation": "Algo1",
      "dBdt": 0.0},
